GIT
  remote: https://github.com/rack/rack
  revision: c9ff9709afa70ca0e427aa06643c851f498359dc
  specs:
    rack (2.3.0)

GEM
  remote: https://rubygems.org/
  specs:
    coderay (1.1.3)
    mail (2.7.1)
      mini_mime (>= 0.1.1)
    method_source (1.0.0)
    mini_mime (1.0.2)
    mustermann (1.1.1)
      ruby2_keywords (~> 0.0.1)
    pry (0.13.1)
      coderay (~> 1.1)
      method_source (~> 1.0)
    rack-protection (2.0.8.1)
      rack
    ruby2_keywords (0.0.2)
    sinatra (2.0.8.1)
      mustermann (~> 1.0)
      rack (~> 2.0)
      rack-protection (= 2.0.8.1)
      tilt (~> 2.0)
    tilt (2.0.10)

PLATFORMS
  ruby

DEPENDENCIES
  mail (~> 2.6, >= 2.6.3)
  pry
  rack!
  sinatra

BUNDLED WITH
   2.0.1
